GIT
  remote: https://github.com/danger/danger
  revision: 9deecc680a579dfa2f1109b0228dd34a4d6664f7
  specs:
    danger (0.3.0)
      claide
      colored
      faraday
      octokit
      redcarpet
      rugged
      terminal-table

GEM
  remote: https://rubygems.org/
  specs:
    addressable (2.3.8)
    claide (0.9.1)
    colored (1.2)
    faraday (0.9.2)
      multipart-post (>= 1.2, < 3)
    multipart-post (2.0.0)
    octokit (4.2.0)
      sawyer (~> 0.6.0, >= 0.5.3)
    redcarpet (3.3.4)
    rugged (0.23.3)
    sawyer (0.6.0)
      addressable (~> 2.3.5)
      faraday (~> 0.8, < 0.10)
    terminal-table (1.5.2)

PLATFORMS
  ruby

DEPENDENCIES
  danger!

BUNDLED WITH
   1.10.6
